NUGET
  remote: https://www.nuget.org/api/v2
    FAKE (4.40.1)
    MonoGame.Framework.DesktopGL (3.5.1.1679)
